PATH
  remote: .
  specs:
    dxopal (1.4.3)
      rack (~> 2.0)
      thor (~> 0.20)

GEM
  remote: https://rubygems.org/
  specs:
    ast (2.4.0)
    concurrent-ruby (1.1.5)
    hike (1.2.3)
    nio4r (2.5.2)
    opal (0.11.4)
      ast (>= 2.3.0)
      hike (~> 1.2)
      parser (= 2.3.3.1)
      sourcemap (~> 0.1.0)
    opal-sprockets (0.4.3.0.11.0.3.7)
      opal (~> 0.11.0)
      sprockets (~> 3.7)
      tilt (>= 1.4)
    parser (2.3.3.1)
      ast (~> 2.2)
    puma (4.3.1)
      nio4r (~> 2.0)
    rack (2.1.1)
    rake (13.0.1)
    sourcemap (0.1.1)
    sprockets (3.7.2)
      concurrent-ruby (~> 1.0)
      rack (> 1, < 3)
    thor (0.20.3)
    tilt (2.0.10)
    yard (0.9.24)

PLATFORMS
  ruby

DEPENDENCIES
  dxopal!
  opal (= 0.11.4)
  opal-sprockets
  puma
  rake
  yard

BUNDLED WITH
   2.0.2
