PATH
  remote: .
  specs:
    dxopal (0.4.0.pre1)
      opal (~> 0.10.3)

GEM
  remote: https://rubygems.org/
  specs:
    concurrent-ruby (1.0.5)
    hike (1.2.3)
    opal (0.10.3)
      hike (~> 1.2)
      sourcemap (~> 0.1.0)
      sprockets (~> 3.1)
      tilt (>= 1.4)
    rack (2.0.1)
    rake (10.5.0)
    sourcemap (0.1.1)
    sprockets (3.7.1)
      concurrent-ruby (~> 1.0)
      rack (> 1, < 3)
    tilt (2.0.7)

PLATFORMS
  ruby

DEPENDENCIES
  bundler (~> 1.14)
  dxopal!
  rack (~> 2.0.1)
  rake (~> 10.0)

BUNDLED WITH
   1.15.1
