PATH
  remote: .
  specs:
    dxopal (1.5.2)
      rack (~> 2.0)
      thor (~> 0.20)

GEM
  remote: https://rubygems.org/
  specs:
    ast (2.4.1)
    c_lexer (2.6.4.1.1)
      ast (~> 2.4.0)
      parser (= 2.6.4.1)
    concurrent-ruby (1.1.7)
    nio4r (2.5.4)
    opal (1.0.5)
      ast (>= 2.3.0)
      parser (~> 2.6)
    opal-sprockets (0.4.9.1.0.3.7)
      opal (~> 1.0.0)
      sprockets (~> 3.7)
      tilt (>= 1.4)
    parser (2.6.4.1)
      ast (~> 2.4.0)
    puma (5.1.1)
      nio4r (~> 2.0)
    rack (2.2.3)
    rake (13.0.3)
    sprockets (3.7.2)
      concurrent-ruby (~> 1.0)
      rack (> 1, < 3)
    thor (0.20.3)
    tilt (2.0.10)
    yard (0.9.26)

PLATFORMS
  ruby

DEPENDENCIES
  c_lexer
  dxopal!
  opal
  opal-sprockets
  puma
  rake
  yard

BUNDLED WITH
   2.1.2
