PATH
  remote: .
  specs:
    dxopal (1.0.0)
      opal (~> 0.11.0)
      rack (~> 2.0)
      thor (~> 0.19.1)

GEM
  remote: https://rubygems.org/
  specs:
    ast (2.3.0)
    hike (1.2.3)
    opal (0.11.0)
      ast (>= 2.3.0)
      hike (~> 1.2)
      parser (= 2.3.3.1)
      sourcemap (~> 0.1.0)
    parser (2.3.3.1)
      ast (~> 2.2)
    rack (2.0.3)
    rake (10.5.0)
    sourcemap (0.1.1)
    thor (0.19.4)
    yard (0.9.12)

PLATFORMS
  ruby

DEPENDENCIES
  bundler (~> 1.14)
  dxopal!
  rake (~> 10.0)
  yard (~> 0.9.12)

BUNDLED WITH
   1.16.0
